GEM
  remote: https://rubygems.org/
  specs:
    colored (1.2)
    fluby (0.7.4)
    httpclient (2.8.3)
    json (2.3.0)
    maruku (0.7.3)
    rake (13.0.1)
    rdiscount (2.2.0.1)
    ruby-fsevent (0.2.1)
    smusher (0.4.9)
      httpclient (>= 2.2)
      json
      rake
    watcher (1.2.0)

PLATFORMS
  ruby

DEPENDENCIES
  colored
  fluby
  json (>= 1.5.5)
  maruku
  rdiscount
  ruby-fsevent
  smusher
  watcher

BUNDLED WITH
   2.0.1
